GEM
  remote: http://rubygems.org/
  specs:
    addressable (2.2.8)
    crack (0.3.1)
    diff-lcs (1.1.3)
    faker (1.0.1)
      i18n (~> 0.4)
    faraday (0.7.6)
      addressable (~> 2.2)
      multipart-post (~> 1.1)
      rack (~> 1.1)
    ffi (1.0.11)
    i18n (0.6.0)
    koala (1.4.1)
      faraday (~> 0.7.0)
      multi_json (~> 1.3.0)
    multi_json (1.3.4)
    multipart-post (1.1.5)
    rack (1.4.1)
    rake (0.9.2.2)
    rspec (2.10.0)
      rspec-core (~> 2.10.0)
      rspec-expectations (~> 2.10.0)
      rspec-mocks (~> 2.10.0)
    rspec-core (2.10.0)
    rspec-expectations (2.10.0)
      diff-lcs (~> 1.1.3)
    rspec-mocks (2.10.1)
    scrapi (2.0.0)
      tidy_ffi (>= 0.1.2)
    tidy_ffi (0.1.4)
      ffi (>= 0.3.5)
    webmock (1.8.6)
      addressable (>= 2.2.7)
      crack (>= 0.1.7)

PLATFORMS
  ruby

DEPENDENCIES
  faker
  faraday
  koala
  rake
  rspec
  scrapi
  webmock
